PATH
  remote: .
  specs:
    mb-util (0.0.1.usegit)
      word_wrap

GEM
  remote: https://rubygems.org/
  specs:
    coderay (1.1.3)
    method_source (1.0.0)
    pry (0.14.1)
      coderay (~> 1.1)
      method_source (~> 1.0)
    rake (13.0.1)
    word_wrap (1.0.0)

PLATFORMS
  ruby

DEPENDENCIES
  coderay
  mb-util!
  pry
  rake (~> 13.0)

BUNDLED WITH
   2.1.4
